PATH
  remote: .
  specs:
    phone-validations (0.0.1)

GEM
  remote: https://rubygems.org/
  specs:

PLATFORMS
  ruby

DEPENDENCIES
  phone-validations!
